GEM
  remote: https://rubygems.org/
  specs:
    dalli (2.7.2)
    jruby-memcached-thoughtworks (0.6.0)
    spymemcached.jruby (1.0.3-java)

PLATFORMS
  java

DEPENDENCIES
  dalli
  jruby-memcached-thoughtworks
  spymemcached.jruby
